GEM
  remote: https://rubygems.org/
  specs:
    jekyll-timeago (0.14.0)
      mini_i18n (>= 0.8.0)
    mini_i18n (0.8.0)
    mini_portile2 (2.8.7)
    sqlite3 (2.0.3)
      mini_portile2 (~> 2.8.0)

PLATFORMS
  ruby

DEPENDENCIES
  jekyll-timeago
  sqlite3 (~> 2.0)

BUNDLED WITH
   2.3.3
