GEM
  remote: https://rubygems.org/
  specs:
    jekyll-timeago (0.14.0)
      mini_i18n (>= 0.8.0)
    mini_i18n (0.8.0)
    sqlite3 (1.4.2)

PLATFORMS
  ruby

DEPENDENCIES
  jekyll-timeago
  sqlite3

BUNDLED WITH
   2.3.3
